PATH
  remote: .
  specs:
    sidekiq-throttler (0.0.1)
      sidekiq (~> 4.0)

GEM
  remote: https://rubygems.org/
  specs:
    activesupport (5.0.1)
      concurrent-ruby (~> 1.0, >= 1.0.2)
      i18n (~> 0.7)
      minitest (~> 5.1)
      tzinfo (~> 1.1)
    ansi (1.5.0)
    builder (3.2.3)
    concurrent-ruby (1.0.4)
    connection_pool (2.2.0)
    docile (1.1.5)
    i18n (0.7.0)
    json (2.0.2)
    metaclass (0.0.4)
    minitest (5.10.1)
    minitest-reporters (1.1.11)
      ansi
      builder
      minitest (>= 5.0)
      ruby-progressbar
    mocha (1.1.0)
      metaclass (~> 0.0.1)
    rack (2.0.1)
    rack-protection (1.5.3)
      rack
    rake (12.0.0)
    redis (3.3.2)
    ruby-progressbar (1.8.1)
    sidekiq (4.2.2)
      concurrent-ruby (~> 1.0)
      connection_pool (~> 2.2, >= 2.2.0)
      rack-protection (~> 1.5)
      redis (~> 3.2, >= 3.2.1)
    simplecov (0.12.0)
      docile (~> 1.1.0)
      json (>= 1.8, < 3)
      simplecov-html (~> 0.10.0)
    simplecov-html (0.10.0)
    thread_safe (0.3.5)
    tzinfo (1.2.2)
      thread_safe (~> 0.1)

PLATFORMS
  ruby

DEPENDENCIES
  activesupport
  bundler
  minitest
  minitest-reporters
  mocha
  rake
  sidekiq-throttler!
  simplecov

BUNDLED WITH
   1.13.6
